GEM
  remote: https://rubygems.org/
  specs:
    coderay (1.1.3)
    debug (1.7.2)
      irb (>= 1.5.0)
      reline (>= 0.3.1)
    io-console (0.6.0)
    irb (1.6.4)
      reline (>= 0.3.0)
    method_source (1.0.0)
    pry (0.14.2)
      coderay (~> 1.1)
      method_source (~> 1.0)
    reline (0.3.3)
      io-console (~> 0.5)
    require_all (3.0.0)

PLATFORMS
  x86_64-darwin-22

DEPENDENCIES
  debug
  pry (~> 0.14.1)
  require_all (~> 3.0)

BUNDLED WITH
   2.4.12
