GEM
  remote: https://rubygems.org/
  specs:
    coderay (1.1.3)
    concurrent-ruby (1.2.2)
    debug (1.7.2)
      irb (>= 1.5.0)
      reline (>= 0.3.1)
    faker (1.9.6)
      i18n (>= 0.7)
    i18n (1.13.0)
      concurrent-ruby (~> 1.0)
    io-console (0.6.0)
    irb (1.6.4)
      reline (>= 0.3.0)
    method_source (1.0.0)
    pry (0.14.2)
      coderay (~> 1.1)
      method_source (~> 1.0)
    rbs (3.1.0)
    reline (0.3.3)
      io-console (~> 0.5)

PLATFORMS
  x86_64-darwin-22

DEPENDENCIES
  debug
  faker (~> 1.6, >= 1.6.6)
  pry (~> 0.14.1)
  rbs (~> 3.1)

RUBY VERSION
   ruby 3.2.0p0

BUNDLED WITH
   2.4.12
