GEM
  remote: https://rubygems.org/
  specs:
    concurrent-ruby (1.1.10)
    debug (1.6.2)
      irb (>= 1.3.6)
      reline (>= 0.3.1)
    faker (1.9.6)
      i18n (>= 0.7)
    i18n (1.12.0)
      concurrent-ruby (~> 1.0)
    io-console (0.5.11)
    irb (1.4.1)
      reline (>= 0.3.0)
    reline (0.3.1)
      io-console (~> 0.5)

PLATFORMS
  x86_64-darwin-21

DEPENDENCIES
  debug
  faker (~> 1.6, >= 1.6.6)

RUBY VERSION
   ruby 3.0.0p0

BUNDLED WITH
   2.3.22
