GEM
  remote: https://rubygems.org/
  specs:
    concurrent-ruby (1.2.2)
    debug (1.7.2)
      irb (>= 1.5.0)
      reline (>= 0.3.1)
    faker (1.9.6)
      i18n (>= 0.7)
    i18n (1.13.0)
      concurrent-ruby (~> 1.0)
    io-console (0.6.0)
    irb (1.6.4)
      reline (>= 0.3.0)
    reline (0.3.3)
      io-console (~> 0.5)

PLATFORMS
  x86_64-darwin-22

DEPENDENCIES
  debug
  faker (~> 1.6, >= 1.6.6)

RUBY VERSION
   ruby 3.2.0p0

BUNDLED WITH
   2.4.12
